PATH
  remote: .
  specs:
    rekki (0.1.0)
      thor

GEM
  remote: https://rubygems.org/
  specs:
    ast (2.4.2)
    debug (1.6.3)
      irb (>= 1.3.6)
      reline (>= 0.3.1)
    io-console (0.5.11)
    irb (1.4.3)
      reline (>= 0.3.0)
    json (2.6.3)
    language_server-protocol (3.17.0.1)
    minitest (5.16.3)
    parallel (1.22.1)
    parser (3.2.0.0)
      ast (~> 2.4.1)
    prettier_print (1.1.0)
    rainbow (3.1.1)
    rake (13.0.6)
    regexp_parser (2.6.1)
    reline (0.3.1)
      io-console (~> 0.5)
    rexml (3.2.5)
    rubocop (1.43.0)
      json (~> 2.3)
      parallel (~> 1.10)
      parser (>= 3.2.0.0)
      rainbow (>= 2.2.2, < 4.0)
      regexp_parser (>= 1.8, < 3.0)
      rexml (>= 3.2.5, < 4.0)
      rubocop-ast (>= 1.24.1, < 2.0)
      ruby-progressbar (~> 1.7)
      unicode-display_width (>= 2.4.0, < 3.0)
    rubocop-ast (1.24.1)
      parser (>= 3.1.1.0)
    ruby-lsp (0.3.6)
      language_server-protocol (~> 3.17.0)
      sorbet-runtime
      syntax_tree (>= 4.0.2, < 5.0.0)
    ruby-progressbar (1.11.0)
    sorbet-runtime (0.5.10563)
    syntax_tree (4.3.0)
      prettier_print (>= 1.0.2)
    thor (1.2.1)
    unicode-display_width (2.4.2)

PLATFORMS
  arm64-darwin-21
  x86_64-linux

DEPENDENCIES
  debug
  minitest (~> 5.0)
  rake (~> 13.0)
  rekki!
  rubocop
  ruby-lsp

BUNDLED WITH
   2.3.21
